GIT
  remote: git://github.com/CocoaPods/Xcodeproj.git
  revision: 07607507950d971f7271c8f288e0b14cc11ea87a
  specs:
    xcodeproj (1.5.2)
      CFPropertyList (~> 2.3.3)
      claide (>= 1.0.2, < 2.0)
      colored2 (~> 3.1)
      nanaimo (~> 0.2.3)

GEM
  remote: https://rubygems.org/
  specs:
    CFPropertyList (2.3.5)
    claide (1.0.2)
    colored2 (3.1.2)
    nanaimo (0.2.3)

PLATFORMS
  ruby

DEPENDENCIES
  xcodeproj!

BUNDLED WITH
   1.15.4
